GEM
  remote: http://rubygems.org/
  specs:
    RedCloth (4.2.9)
    haml (4.0.3)
      tilt
    haml-contrib (1.0.0)
      haml (>= 3.2.0.alpha.13)
    rack (1.5.2)
    rack-protection (1.5.0)
      rack
    sinatra (1.4.3)
      rack (~> 1.4)
      rack-protection (~> 1.4)
      tilt (~> 1.3, >= 1.3.4)
    tilt (1.4.1)

PLATFORMS
  ruby

DEPENDENCIES
  RedCloth
  haml
  haml-contrib
  sinatra
